GEM
  remote: https://rubygems.org/
  specs:
    configulations (0.2.2)
      json
      json_pure
    diff-lcs (1.1.3)
    jruby-jars (1.7.0)
    jruby-rack (1.1.10)
    json (1.7.5)
    json (1.7.5-java)
    json_pure (1.7.5)
    newrelic_rpm (3.5.0.1)
    rake (0.9.2.2)
    rspec (2.11.0)
      rspec-core (~> 2.11.0)
      rspec-expectations (~> 2.11.0)
      rspec-mocks (~> 2.11.0)
    rspec-core (2.11.1)
    rspec-expectations (2.11.3)
      diff-lcs (~> 1.1.3)
    rspec-mocks (2.11.3)
    rubyzip (0.9.9)
    warbler (1.3.6)
      jruby-jars (>= 1.4.0)
      jruby-rack (>= 1.0.0)
      rake (>= 0.8.7)
      rubyzip (>= 0.9.4)

PLATFORMS
  java

DEPENDENCIES
  configulations
  jruby-jars
  json
  newrelic_rpm
  rake
  rspec
  warbler
